GEM
  remote: http://rubygems.org/
  specs:
    closure (1.3.0)
      rack (>= 1.0.0)
    rack (1.3.0)
    rake (0.9.2)

PLATFORMS
  ruby

DEPENDENCIES
  closure
  rack
  rake
